GEM
  remote: https://rubygems.org/
  specs:
    dotenv (2.2.1)
    minitest (5.10.1)
    rake (12.0.0)

PLATFORMS
  ruby

DEPENDENCIES
  dotenv
  minitest
  rake

BUNDLED WITH
   1.14.6
